PATH
  remote: .
  specs:
    rcsv (0.3.0)

GEM
  remote: https://rubygems.org/
  specs:
    rake (0.9.2.2)
    rake-compiler (0.8.1)
      rake

PLATFORMS
  ruby

DEPENDENCIES
  rake-compiler
  rcsv!
