PATH
  remote: .
  specs:
    rcsv (0.3.0)

GEM
  remote: https://rubygems.org/
  specs:
    power_assert (0.2.2)
    rake (0.9.2.2)
    rake-compiler (0.8.1)
      rake
    test-unit (3.0.8)
      power_assert

PLATFORMS
  ruby

DEPENDENCIES
  rake-compiler
  rcsv!
  test-unit

BUNDLED WITH
   1.10.4
